GEM
  remote: https://rubygems.org/
  specs:
    dalli (2.7.4)
    handlebars (0.7.0)
      handlebars-source (~> 3.0.0)
      therubyracer (~> 0.12.1)
    handlebars-source (3.0.0)
    libv8 (3.16.14.7)
    mini_portile (0.6.2)
    nokogiri (1.6.6.2)
      mini_portile (~> 0.6.0)
    puma (2.11.1)
      rack (>= 1.1, < 2.0)
    rack (1.6.0)
    rack-protection (1.5.3)
      rack
    ref (1.0.5)
    sinatra (1.4.5)
      rack (~> 1.4)
      rack-protection (~> 1.4)
      tilt (~> 1.3, >= 1.3.4)
    therubyracer (0.12.1)
      libv8 (~> 3.16.14.0)
      ref
    tilt (1.4.1)
    tilt-handlebars (1.3.1)
      handlebars (~> 0.6)
      tilt (~> 1.4)

PLATFORMS
  ruby

DEPENDENCIES
  dalli
  nokogiri
  puma
  sinatra
  tilt-handlebars
